GIT
  remote: https://github.com/danielnaab/middleman-prismic
  revision: 4eb4ab951484e00a4683f4e769549832c0fcd058
  specs:
    middleman-prismic (0.1.0)
      middleman (~> 3.3)
      middleman-core (~> 3.3)
      prismic.io (~> 1.1)

GEM
  remote: https://rubygems.org/
  specs:
    activesupport (4.2.7.1)
      i18n (~> 0.7)
      json (~> 1.7, >= 1.7.7)
      minitest (~> 5.1)
      thread_safe (~> 0.3, >= 0.3.4)
      tzinfo (~> 1.1)
    bourbon (4.3.2)
      sass (~> 3.4)
      thor (~> 0.19)
    capybara (2.4.4)
      mime-types (>= 1.16)
      nokogiri (>= 1.3.3)
      rack (>= 1.0.0)
      rack-test (>= 0.5.4)
      xpath (~> 2.0)
    chunky_png (1.3.8)
    coderay (1.1.1)
    coffee-script (2.4.1)
      coffee-script-source
      execjs
    coffee-script-source (1.12.2)
    compass (1.0.3)
      chunky_png (~> 1.2)
      compass-core (~> 1.0.2)
      compass-import-once (~> 1.0.5)
      rb-fsevent (>= 0.9.3)
      rb-inotify (>= 0.9)
      sass (>= 3.3.13, < 3.5)
    compass-core (1.0.3)
      multi_json (~> 1.0)
      sass (>= 3.3.0, < 3.5)
    compass-import-once (1.0.5)
      sass (>= 3.2, < 3.5)
    em-websocket (0.5.1)
      eventmachine (>= 0.12.9)
      http_parser.rb (~> 0.6.0)
    erubis (2.7.0)
    eventmachine (1.2.2)
    execjs (2.7.0)
    ffi (1.9.17)
    haml (4.0.7)
      tilt
    hashery (2.1.2)
    hike (1.2.3)
    hooks (0.4.1)
      uber (~> 0.0.14)
    http_parser.rb (0.6.0)
    i18n (0.7.0)
    json (1.8.6)
    kramdown (1.13.2)
    listen (3.0.8)
      rb-fsevent (~> 0.9, >= 0.9.4)
      rb-inotify (~> 0.9, >= 0.9.7)
    method_source (0.8.2)
    middleman (3.4.1)
      coffee-script (~> 2.2)
      compass (>= 1.0.0, < 2.0.0)
      compass-import-once (= 1.0.5)
      execjs (~> 2.0)
      haml (>= 4.0.5)
      kramdown (~> 1.2)
      middleman-core (= 3.4.1)
      middleman-sprockets (>= 3.1.2)
      sass (>= 3.4.0, < 4.0)
      uglifier (~> 2.5)
    middleman-core (3.4.1)
      activesupport (~> 4.1)
      bundler (~> 1.1)
      capybara (~> 2.4.4)
      erubis
      hooks (~> 0.3)
      i18n (~> 0.7.0)
      listen (~> 3.0.3)
      padrino-helpers (~> 0.12.3)
      rack (>= 1.4.5, < 2.0)
      thor (>= 0.15.2, < 2.0)
      tilt (~> 1.4.1, < 2.0)
    middleman-deploy (1.0.0)
      middleman-core (>= 3.2)
      net-sftp
      ptools
    middleman-disqus (1.1.0)
      middleman-core (~> 3.3)
    middleman-google-analytics (3.0.0)
      activesupport (>= 4.1, < 5.1)
      erubis
      middleman-core (>= 3.4)
      uglifier (>= 2.5, < 4.0)
    middleman-livereload (3.3.4)
      em-websocket (~> 0.5.1)
      middleman-core (~> 3.2)
      rack-livereload (~> 0.3.15)
    middleman-sprockets (3.5.0)
      middleman-core (>= 3.3)
      sprockets (~> 2.12.1)
      sprockets-helpers (~> 1.1.0)
      sprockets-sass (~> 1.3.0)
    mime-types (3.1)
      mime-types-data (~> 3.2015)
    mime-types-data (3.2016.0521)
    mini_portile2 (2.6.1)
    minitest (5.10.1)
    multi_json (1.12.1)
    neat (1.8.0)
      sass (>= 3.3)
      thor (~> 0.19)
    net-sftp (2.1.2)
      net-ssh (>= 2.6.5)
    net-ssh (4.0.1)
    nokogiri (1.12.5)
      mini_portile2 (~> 2.6.1)
      racc (~> 1.4)
    padrino-helpers (0.12.8.1)
      i18n (~> 0.6, >= 0.6.7)
      padrino-support (= 0.12.8.1)
      tilt (~> 1.4.1)
    padrino-support (0.12.8.1)
      activesupport (>= 3.1)
    prismic.io (1.4.3)
      hashery (~> 2.1.1)
    pry (0.10.4)
      coderay (~> 1.1.0)
      method_source (~> 0.8.1)
      slop (~> 3.4)
    ptools (1.3.3)
    racc (1.5.2)
    rack (1.6.5)
    rack-livereload (0.3.16)
      rack
    rack-test (0.6.3)
      rack (>= 1.0)
    rake (12.3.2)
    rb-fsevent (0.9.8)
    rb-inotify (0.9.8)
      ffi (>= 0.5.0)
    sass (3.4.23)
    slop (3.6.0)
    sprockets (2.12.4)
      hike (~> 1.2)
      multi_json (~> 1.0)
      rack (~> 1.0)
      tilt (~> 1.1, != 1.3.0)
    sprockets-helpers (1.1.0)
      sprockets (~> 2.0)
    sprockets-sass (1.3.1)
      sprockets (~> 2.0)
      tilt (~> 1.1)
    thor (0.19.4)
    thread_safe (0.3.5)
    tilt (1.4.1)
    tzinfo (1.2.2)
      thread_safe (~> 0.1)
    uber (0.0.15)
    uglifier (2.7.2)
      execjs (>= 0.3.0)
      json (>= 1.8.0)
    xpath (2.0.0)
      nokogiri (~> 1.3)

PLATFORMS
  ruby

DEPENDENCIES
  bourbon (~> 4.2)
  middleman (~> 3.4.1)
  middleman-deploy (~> 1.0)
  middleman-disqus (~> 1.1)
  middleman-google-analytics (~> 3.0)
  middleman-livereload (~> 3.3.0)
  middleman-prismic!
  neat (~> 1.7)
  pry
  rake (~> 12.3)

BUNDLED WITH
   1.16.6
